GEM
  remote: https://rubygems.org/
  specs:
    actioncable (7.2.0)
      actionpack (= 7.2.0)
      activesupport (= 7.2.0)
      nio4r (~> 2.0)
      websocket-driver (>= 0.6.1)
      zeitwerk (~> 2.6)
    actionmailbox (7.2.0)
      actionpack (= 7.2.0)
      activejob (= 7.2.0)
      activerecord (= 7.2.0)
      activestorage (= 7.2.0)
      activesupport (= 7.2.0)
      mail (>= 2.8.0)
    actionmailer (7.2.0)
      actionpack (= 7.2.0)
      actionview (= 7.2.0)
      activejob (= 7.2.0)
      activesupport (= 7.2.0)
      mail (>= 2.8.0)
      rails-dom-testing (~> 2.2)
    actionpack (7.2.0)
      actionview (= 7.2.0)
      activesupport (= 7.2.0)
      nokogiri (>= 1.8.5)
      racc
      rack (>= 2.2.4, < 3.2)
      rack-session (>= 1.0.1)
      rack-test (>= 0.6.3)
      rails-dom-testing (~> 2.2)
      rails-html-sanitizer (~> 1.6)
      useragent (~> 0.16)
    actiontext (7.2.0)
      actionpack (= 7.2.0)
      activerecord (= 7.2.0)
      activestorage (= 7.2.0)
      activesupport (= 7.2.0)
      globalid (>= 0.6.0)
      nokogiri (>= 1.8.5)
    actionview (7.2.0)
      activesupport (= 7.2.0)
      builder (~> 3.1)
      erubi (~> 1.11)
      rails-dom-testing (~> 2.2)
      rails-html-sanitizer (~> 1.6)
    activejob (7.2.0)
      activesupport (= 7.2.0)
      globalid (>= 0.3.6)
    activemodel (7.2.0)
      activesupport (= 7.2.0)
    activemodel-serializers-xml (1.0.2)
      activemodel (> 5.x)
      activesupport (> 5.x)
      builder (~> 3.1)
    activerecord (7.2.0)
      activemodel (= 7.2.0)
      activesupport (= 7.2.0)
      timeout (>= 0.4.0)
    activestorage (7.2.0)
      actionpack (= 7.2.0)
      activejob (= 7.2.0)
      activerecord (= 7.2.0)
      activesupport (= 7.2.0)
      marcel (~> 1.0)
    activesupport (7.2.0)
      base64
      bigdecimal
      concurrent-ruby (~> 1.0, >= 1.3.1)
      connection_pool (>= 2.2.5)
      drb
      i18n (>= 1.6, < 2)
      logger (>= 1.4.2)
      minitest (>= 5.1)
      securerandom (>= 0.3)
      tzinfo (~> 2.0, >= 2.0.5)
    acts_as_list (0.7.7)
      activerecord (>= 3.0)
    addressable (2.8.4)
      public_suffix (>= 2.0.2, < 6.0)
    ast (2.4.2)
    autoprefixer-rails (10.2.5.0)
      execjs (< 2.8.0)
    aws_cf_signer (0.1.3)
    base64 (0.2.0)
    bcrypt (3.1.18)
    bigdecimal (3.1.9)
    bindex (0.8.1)
    bootsnap (1.16.0)
      msgpack (~> 1.2)
    bootstrap (5.2.3)
      autoprefixer-rails (>= 9.1.0)
      popper_js (>= 2.11.6, < 3)
      sassc-rails (>= 2.0.0)
    browser (5.3.1)
    builder (3.3.0)
    byebug (11.1.3)
    capybara (3.40.0)
      addressable
      matrix
      mini_mime (>= 0.1.3)
      nokogiri (~> 1.11)
      rack (>= 1.6.0)
      rack-test (>= 0.6.3)
      regexp_parser (>= 1.5, < 3.0)
      xpath (~> 3.2)
    caxlsx (3.4.1)
      htmlentities (~> 4.3, >= 4.3.4)
      marcel (~> 1.0)
      nokogiri (~> 1.10, >= 1.10.4)
      rubyzip (>= 1.3.0, < 3)
    caxlsx_rails (0.6.4)
      actionpack (>= 3.1)
      caxlsx (>= 3.0)
    childprocess (0.9.0)
      ffi (~> 1.0, >= 1.0.11)
    cloudinary (1.16.1)
      aws_cf_signer
      rest-client
    coderay (1.1.3)
    concurrent-ruby (1.3.5)
    connection_pool (2.5.0)
    crass (1.0.6)
    csv (3.3.2)
    date (3.4.1)
    debug (1.8.0)
      irb (>= 1.5.0)
      reline (>= 0.3.1)
    devise (4.9.4)
      bcrypt (~> 3.0)
      orm_adapter (~> 0.1)
      railties (>= 4.1.0)
      responders
      warden (~> 1.2.3)
    devise_last_seen (0.2.2)
      devise
    diff-lcs (1.5.0)
    docile (1.4.0)
    domain_name (0.5.20190701)
      unf (>= 0.0.5, < 1.0.0)
    dotenv (2.8.1)
    dotenv-rails (2.8.1)
      dotenv (= 2.8.1)
      railties (>= 3.2)
    drb (2.2.1)
    erb-formatter (0.4.3)
      syntax_tree (~> 6.0)
    erubi (1.13.1)
    execjs (2.7.0)
    factory_bot (6.5.1)
      activesupport (>= 6.1.0)
    factory_bot_rails (6.4.4)
      factory_bot (~> 6.5)
      railties (>= 5.0.0)
    faker (3.2.0)
      i18n (>= 1.8.11, < 2)
    ffi (1.15.5)
    flatpickr (4.6.13.1)
    font-awesome-sass (6.4.0)
      sassc (~> 2.0)
    globalid (1.2.1)
      activesupport (>= 6.1)
    htmlbeautifier (1.4.2)
    htmlentities (4.3.4)
    http-accept (1.7.0)
    http-cookie (1.0.5)
      domain_name (~> 0.5)
    i18n (1.14.7)
      concurrent-ruby (~> 1.0)
    image_processing (1.12.2)
      mini_magick (>= 4.9.5, < 5)
      ruby-vips (>= 2.0.17, < 3)
    io-console (0.8.0)
    irb (1.15.1)
      pp (>= 0.6.0)
      rdoc (>= 4.0.0)
      reline (>= 0.4.2)
    jbuilder (2.13.0)
      actionview (>= 5.0.0)
      activesupport (>= 5.0.0)
    json (2.6.3)
    kaminari (1.2.2)
      activesupport (>= 4.1.0)
      kaminari-actionview (= 1.2.2)
      kaminari-activerecord (= 1.2.2)
      kaminari-core (= 1.2.2)
    kaminari-actionview (1.2.2)
      actionview
      kaminari-core (= 1.2.2)
    kaminari-activerecord (1.2.2)
      activerecord
      kaminari-core (= 1.2.2)
    kaminari-core (1.2.2)
    listen (3.8.0)
      rb-fsevent (~> 0.10, >= 0.10.3)
      rb-inotify (~> 0.9, >= 0.9.10)
    logger (1.6.6)
    lograge (0.14.0)
      actionpack (>= 4)
      activesupport (>= 4)
      railties (>= 4)
      request_store (~> 1.0)
    loofah (2.24.0)
      crass (~> 1.0.2)
      nokogiri (>= 1.12.0)
    mail (2.8.1)
      mini_mime (>= 0.1.1)
      net-imap
      net-pop
      net-smtp
    marcel (1.0.4)
    matrix (0.4.2)
    method_source (1.0.0)
    mime-types (3.4.1)
      mime-types-data (~> 3.2015)
    mime-types-data (3.2023.0218.1)
    mini_magick (4.12.0)
    mini_mime (1.1.5)
    minitest (5.25.4)
    mobile (0.0.1)
      activesupport
      rails
    monetize (1.12.0)
      money (~> 6.12)
    money (6.16.0)
      i18n (>= 0.6.4, <= 2)
    money-rails (1.15.0)
      activesupport (>= 3.0)
      monetize (~> 1.9)
      money (~> 6.13)
      railties (>= 3.0)
    msgpack (1.7.1)
    nested_form (0.3.2)
    net-imap (0.5.6)
      date
      net-protocol
    net-pop (0.1.2)
      net-protocol
    net-protocol (0.2.2)
      timeout
    net-smtp (0.5.1)
      net-protocol
    netrc (0.11.0)
    nio4r (2.7.4)
    nokogiri (1.18.2-arm64-darwin)
      racc (~> 1.4)
    nokogiri (1.18.2-x86_64-linux-gnu)
      racc (~> 1.4)
    orm_adapter (0.5.0)
    ostruct (0.6.1)
    parallel (1.23.0)
    parser (3.2.2.1)
      ast (~> 2.4.1)
    pg (1.5.3)
    popper_js (2.11.7)
    pp (0.6.2)
      prettyprint
    prettier_print (1.2.1)
    prettyprint (0.2.0)
    pry (0.14.2)
      coderay (~> 1.1)
      method_source (~> 1.0)
    pry-byebug (3.10.1)
      byebug (~> 11.0)
      pry (>= 0.13, < 0.15)
    pry-rails (0.3.9)
      pry (>= 0.10.4)
    psych (3.3.4)
    public_suffix (5.0.1)
    puma (6.5.0)
      nio4r (~> 2.0)
    pundit (2.3.1)
      activesupport (>= 3.0.0)
    racc (1.8.1)
    rack (3.1.10)
    rack-proxy (0.7.6)
      rack
    rack-session (2.1.0)
      base64 (>= 0.1.0)
      rack (>= 3.0.0)
    rack-test (2.2.0)
      rack (>= 1.3)
    rackup (2.2.1)
      rack (>= 3)
    rails (7.2.0)
      actioncable (= 7.2.0)
      actionmailbox (= 7.2.0)
      actionmailer (= 7.2.0)
      actionpack (= 7.2.0)
      actiontext (= 7.2.0)
      actionview (= 7.2.0)
      activejob (= 7.2.0)
      activemodel (= 7.2.0)
      activerecord (= 7.2.0)
      activestorage (= 7.2.0)
      activesupport (= 7.2.0)
      bundler (>= 1.15.0)
      railties (= 7.2.0)
    rails-controller-testing (1.0.5)
      actionpack (>= 5.0.1.rc1)
      actionview (>= 5.0.1.rc1)
      activesupport (>= 5.0.1.rc1)
    rails-dom-testing (2.2.0)
      activesupport (>= 5.0.0)
      minitest
      nokogiri (>= 1.6)
    rails-html-sanitizer (1.6.2)
      loofah (~> 2.21)
      nokogiri (>= 1.15.7, != 1.16.7, != 1.16.6, != 1.16.5, != 1.16.4, != 1.16.3, != 1.16.2, != 1.16.1, != 1.16.0.rc1, != 1.16.0)
    rails-i18n (7.0.9)
      i18n (>= 0.7, < 2)
      railties (>= 6.0.0, < 8)
    rails_admin (3.3.0)
      activemodel-serializers-xml (>= 1.0)
      csv
      kaminari (>= 0.14, < 2.0)
      nested_form (~> 0.3)
      rails (>= 6.0, < 9)
      turbo-rails (>= 1.0, < 3)
    railties (7.2.0)
      actionpack (= 7.2.0)
      activesupport (= 7.2.0)
      irb (~> 1.13)
      rackup (>= 1.0.0)
      rake (>= 12.2)
      thor (~> 1.0, >= 1.2.2)
      zeitwerk (~> 2.6)
    rainbow (3.1.1)
    rake (13.2.1)
    rb-fsevent (0.11.2)
    rb-inotify (0.10.1)
      ffi (~> 1.0)
    rdoc (6.3.4.1)
    recaptcha (5.16.0)
    regexp_parser (2.8.0)
    reline (0.6.0)
      io-console (~> 0.5)
    request_store (1.5.1)
      rack (>= 1.4)
    requestjs-rails (0.0.11)
      railties (>= 6.1.0)
    responders (3.1.1)
      actionpack (>= 5.2)
      railties (>= 5.2)
    rest-client (2.1.0)
      http-accept (>= 1.7.0, < 2.0)
      http-cookie (>= 1.0.2, < 2.0)
      mime-types (>= 1.16, < 4.0)
      netrc (~> 0.8)
    rexml (3.2.5)
    roo (2.10.1)
      nokogiri (~> 1)
      rubyzip (>= 1.3.0, < 3.0.0)
    rspec-core (3.12.2)
      rspec-support (~> 3.12.0)
    rspec-expectations (3.12.3)
      diff-lcs (>= 1.2.0, < 2.0)
      rspec-support (~> 3.12.0)
    rspec-mocks (3.12.5)
      diff-lcs (>= 1.2.0, < 2.0)
      rspec-support (~> 3.12.0)
    rspec-rails (6.1.1)
      actionpack (>= 6.1)
      activesupport (>= 6.1)
      railties (>= 6.1)
      rspec-core (~> 3.12)
      rspec-expectations (~> 3.12)
      rspec-mocks (~> 3.12)
      rspec-support (~> 3.12)
    rspec-support (3.12.0)
    rubocop (1.52.0)
      json (~> 2.3)
      parallel (~> 1.10)
      parser (>= 3.2.0.0)
      rainbow (>= 2.2.2, < 4.0)
      regexp_parser (>= 1.8, < 3.0)
      rexml (>= 3.2.5, < 4.0)
      rubocop-ast (>= 1.28.0, < 2.0)
      ruby-progressbar (~> 1.7)
      unicode-display_width (>= 2.4.0, < 3.0)
    rubocop-ast (1.29.0)
      parser (>= 3.2.1.0)
    rubocop-rails (2.19.1)
      activesupport (>= 4.2.0)
      rack (>= 1.1)
      rubocop (>= 1.33.0, < 2.0)
    ruby-progressbar (1.13.0)
    ruby-vips (2.1.4)
      ffi (~> 1.12)
    rubyzip (1.3.0)
    sassc (2.4.0)
      ffi (~> 1.9)
    sassc-rails (2.1.2)
      railties (>= 4.0.0)
      sassc (>= 2.0)
      sprockets (> 3.0)
      sprockets-rails
      tilt
    securerandom (0.4.1)
    selenium-webdriver (3.142.7)
      childprocess (>= 0.5, < 4.0)
      rubyzip (>= 1.2.2)
    shoulda-matchers (4.5.1)
      activesupport (>= 4.2.0)
    simple_calendar (2.4.3)
      rails (>= 3.0)
    simple_form (5.3.1)
      actionpack (>= 5.2)
      activemodel (>= 5.2)
    simple_xlsx_reader (1.0.5)
      nokogiri
      rubyzip
    simplecov (0.22.0)
      docile (~> 1.1)
      simplecov-html (~> 0.11)
      simplecov_json_formatter (~> 0.1)
    simplecov-html (0.12.3)
    simplecov_json_formatter (0.1.4)
    solid_cable (1.0.3)
      rails (< 9)
    spring (2.1.1)
    spring-watcher-listen (2.0.1)
      listen (>= 2.7, < 4.0)
      spring (>= 1.2, < 3.0)
    sprockets (4.2.1)
      concurrent-ruby (~> 1.0)
      rack (>= 2.2.4, < 4)
    sprockets-rails (3.5.2)
      actionpack (>= 6.1)
      activesupport (>= 6.1)
      sprockets (>= 3.0.0)
    stripe (8.5.0)
    stripe_event (2.11.0)
      activesupport (>= 3.1)
      stripe (>= 2.8, < 14)
    sweetalert2 (7.25.6)
      railties (>= 3.1.0)
    syntax_tree (6.1.1)
      prettier_print (>= 1.2.0)
    thor (1.3.2)
    tilt (2.1.0)
    timeout (0.4.3)
    turbo-rails (2.0.11)
      actionpack (>= 6.0.0)
      railties (>= 6.0.0)
    tzinfo (2.0.6)
      concurrent-ruby (~> 1.0)
    unf (0.1.4)
      unf_ext
    unf_ext (0.0.8.2)
    unicode-display_width (2.4.2)
    unread (0.14.0)
      activerecord (>= 6.1)
    useragent (0.16.11)
    view_component (3.21.0)
      activesupport (>= 5.2.0, < 8.1)
      concurrent-ruby (~> 1.0)
      method_source (~> 1.0)
    warden (1.2.9)
      rack (>= 2.0.9)
    web-console (4.2.1)
      actionview (>= 6.0.0)
      activemodel (>= 6.0.0)
      bindex (>= 0.4.0)
      railties (>= 6.0.0)
    webdrivers (4.1.2)
      nokogiri (~> 1.6)
      rubyzip (~> 1.0)
      selenium-webdriver (>= 3.0, < 4.0)
    webpacker (4.3.0)
      activesupport (>= 4.2)
      rack-proxy (>= 0.6.1)
      railties (>= 4.2)
    websocket-driver (0.7.7)
      base64
      websocket-extensions (>= 0.1.0)
    websocket-extensions (0.1.5)
    wicked_pdf (2.8.2)
      activesupport
      ostruct
    wkhtmltopdf-binary (0.12.6.6)
    wkhtmltopdf-heroku (3.0.0)
    xpath (3.2.0)
      nokogiri (~> 1.8)
    zeitwerk (2.6.18)

PLATFORMS
  arm64-darwin-20
  x86_64-linux

DEPENDENCIES
  actiontext
  acts_as_list (~> 0.7.2)
  autoprefixer-rails (= 10.2.5)
  bootsnap (>= 1.4.2)
  bootstrap (~> 5.2)
  browser
  byebug
  capybara (>= 2.15)
  caxlsx
  caxlsx_rails
  cloudinary (~> 1.16.0)
  debug
  devise
  devise_last_seen
  dotenv-rails
  erb-formatter
  factory_bot_rails
  faker
  flatpickr
  font-awesome-sass
  htmlbeautifier
  image_processing (~> 1.2)
  jbuilder (~> 2.7)
  listen (~> 3.2)
  lograge
  mobile
  money-rails (~> 1.12)
  net-imap
  net-pop
  net-smtp
  pg (>= 0.18, < 2.0)
  pry-byebug
  pry-rails
  psych (< 4)
  puma (~> 6.0)
  pundit
  rails (= 7.2)
  rails-controller-testing
  rails-i18n
  rails_admin (~> 3.0)
  recaptcha
  requestjs-rails
  roo (~> 2.10.0)
  rspec-rails
  rubocop-rails
  sassc-rails
  selenium-webdriver
  shoulda-matchers (~> 4.0)
  simple_calendar (~> 2.4)
  simple_form
  simple_xlsx_reader (~> 1.0, >= 1.0.4)
  simplecov
  solid_cable
  spring
  spring-watcher-listen (~> 2.0.0)
  stripe
  stripe_event
  sweetalert2
  turbo-rails
  tzinfo-data
  unread
  view_component
  web-console (>= 3.3.0)
  webdrivers
  webpacker (~> 4.0)
  wicked_pdf
  wkhtmltopdf-binary (~> 0.12.3)
  wkhtmltopdf-heroku (= 3.0.0)

RUBY VERSION
   ruby 3.2.2p53

BUNDLED WITH
   2.3.24
